PATH
  remote: activesupport
  specs:
    activesupport (2.3.18)
      memcache-client (~> 1.7.4)

GEM
  remote: https://rubygems.org/
  specs:
    builder (2.1.2)
    coderay (1.1.0)
    columnize (0.8.9)
    debugger (1.6.6)
      columnize (>= 0.3.1)
      debugger-linecache (~> 1.2.0)
      debugger-ruby_core_source (~> 1.3.2)
    debugger-linecache (1.2.0)
    debugger-ruby_core_source (1.3.2)
    erubis (2.7.0)
    i18n (0.6.9)
    json (1.8.1)
    memcache-client (1.7.8)
    metaclass (0.0.4)
    method_source (0.8.2)
    mocha (0.13.3)
      metaclass (~> 0.0.1)
    mysql (2.8.1)
    nokogiri (1.3.3)
    pry (0.9.12.6)
      coderay (~> 1.0)
      method_source (~> 0.8)
      slop (~> 3.4)
    pry-debugger (0.2.2)
      debugger (~> 1.3)
      pry (~> 0.9.10)
    rack (1.4.5)
    rake (10.1.1)
    rdoc (4.0.1)
      json (~> 1.4)
    slop (3.5.0)
    sqlite3 (1.3.9)
    tzinfo (0.3.39)

PLATFORMS
  ruby

DEPENDENCIES
  activesupport!
  builder (~> 2.1.2)
  erubis (~> 2.7.0)
  i18n (~> 0.6.9)
  json (~> 1.8.0)
  mocha (~> 0.13.1)
  mysql (~> 2.8.1)
  nokogiri (~> 1.3.3)
  pry-debugger
  rack (~> 1.4.5)
  rake (~> 10.1.0)
  rdoc (~> 4.0.1)
  sqlite3 (~> 1.3.7)
  tzinfo (~> 0.3.12)
